GEM
  remote: https://rubygems.org/
  specs:
    mini_portile2 (2.6.1)
    nokogiri (1.12.5)
      mini_portile2 (~> 2.6.1)
      racc (~> 1.4)
    nokogiri (1.12.5-x64-mingw32)
      racc (~> 1.4)
    nokogiri-diff (0.2.0)
      nokogiri (~> 1.5)
      tdiff (~> 0.3, >= 0.3.2)
    racc (1.5.2)
    tdiff (0.3.4)

PLATFORMS
  ruby
  x64-mingw32

DEPENDENCIES
  nokogiri
  nokogiri-diff

BUNDLED WITH
   2.0.1
