GEM
  remote: https://rubygems.org/
  specs:
    mini_portile2 (2.4.0)
    nokogiri (1.10.3-x64-mingw32)
      mini_portile2 (~> 2.4.0)
    nokogiri-diff (0.2.0)
      nokogiri (~> 1.5)
      tdiff (~> 0.3, >= 0.3.2)
    tdiff (0.3.4)
    win32-api (1.8.0-universal-mingw32)

PLATFORMS
  x64-mingw32

DEPENDENCIES
  nokogiri
  nokogiri-diff
  win32-api (~> 1.4, >= 1.4.8)

BUNDLED WITH
   2.0.1
